GEM
  remote: https://rubygems.org/
  specs:
    base64 (0.2.0)
    csv (3.3.0)
    json (2.7.2)
    logger (1.6.0)
    rexml (3.3.2)
      strscan
    rubyzip (2.3.2)
    selenium-webdriver (4.22.0)
      base64 (~> 0.2)
      logger (~> 1.4)
      rexml (~> 3.2, >= 3.2.5)
      rubyzip (>= 1.2.2, < 3.0)
      websocket (~> 1.0)
    strscan (3.1.0)
    websocket (1.2.11)

PLATFORMS
  ruby
  x86_64-linux

DEPENDENCIES
  csv (~> 3.3)
  json (~> 2.6)
  selenium-webdriver (~> 4.22)

BUNDLED WITH
   2.5.15
